GEM
  remote: http://rubygems.org/
  specs:
    ast (2.1.0)
    astrolabe (1.3.1)
      parser (~> 2.2)
    diff-lcs (1.2.5)
    docile (1.1.5)
    json (1.8.3)
    parser (2.2.2.6)
      ast (>= 1.1, < 3.0)
    powerpack (0.1.1)
    rainbow (2.0.0)
    rake (10.4.2)
    rspec-core (3.3.2)
      rspec-support (~> 3.3.0)
    rspec-expectations (3.3.1)
      diff-lcs (>= 1.2.0, < 2.0)
      rspec-support (~> 3.3.0)
    rspec-support (3.3.0)
    rubocop (0.34.2)
      astrolabe (~> 1.3)
      parser (>= 2.2.2.5, < 3.0)
      powerpack (~> 0.1)
      rainbow (>= 1.99.1, < 3.0)
      ruby-progressbar (~> 1.4)
    ruby-lint (2.0.5)
      parser (~> 2.2)
      slop (~> 3.4, >= 3.4.7)
    ruby-progressbar (1.7.5)
    simplecov (0.10.0)
      docile (~> 1.1.0)
      json (~> 1.8)
      simplecov-html (~> 0.10.0)
    simplecov-html (0.10.0)
    slop (3.6.0)

PLATFORMS
  ruby

DEPENDENCIES
  rake (= 10.4.2)
  rspec-core (= 3.3.2)
  rspec-expectations (= 3.3.1)
  rubocop (= 0.34.2)
  ruby-lint (= 2.0.5)
  simplecov (= 0.10.0)

BUNDLED WITH
   1.10.6
